PATH
  remote: .
  specs:
    publicist (1.0.0)

GEM
  remote: https://rubygems.org/
  specs:
    rake (10.0.4)

PLATFORMS
  ruby

DEPENDENCIES
  bundler (~> 1.3)
  publicist!
  rake
